GEM
  remote: http://rubygems.org/
  specs:
    macaddr (1.0.0)
    rack (1.3.0)
    sequel (3.24.1)
    sinatra (1.2.6)
      rack (~> 1.1)
      tilt (>= 1.2.2, < 2.0)
    tilt (1.3.2)
    uuid (2.3.2)
      macaddr (~> 1.0)

PLATFORMS
  ruby

DEPENDENCIES
  sequel
  sinatra
  uuid
